GEM
  remote: https://rubygems.org/
  specs:
    eventmachine (1.0.3)
    faye-websocket (0.7.5)
      eventmachine (>= 0.12.0)
      websocket-driver (>= 0.3.5)
    json (1.8.1)
    websocket-driver (0.3.5)

PLATFORMS
  ruby

DEPENDENCIES
  faye-websocket
  json
